NUGET
  remote: https://www.nuget.org/api/v2
  specs:
    FAKE (4.17.1)
    FSharp.Compiler.Service (2.0.0.3)
    FSharp.Core (4.0.0.1)
    Newtonsoft.Json (8.0.2)
    Suave (1.0.0)
      FSharp.Core (>= 3.1.2.5)
